PATH
  remote: .
  specs:
    game_of_life (0.0.1)
      thor (~> 0.14.6)

GEM
  remote: https://rubygems.org/
  specs:
    atk (1.1.2)
      glib2 (>= 1.1.2)
    cairo (1.10.2)
      pkg-config
    diff-lcs (1.1.3)
    ffi (1.0.11)
    gdk_pixbuf2 (1.1.2)
      glib2 (>= 1.1.2)
    glib2 (1.1.2)
      pkg-config
    gtk2 (1.1.2)
      atk (>= 1.1.2)
      gdk_pixbuf2 (>= 1.1.2)
      pango (>= 1.1.2)
    guard (1.0.0)
      ffi (>= 0.5.0)
      thor (~> 0.14.6)
    guard-rspec (0.6.0)
      guard (>= 0.10.0)
    multi_json (1.0.4)
    pango (1.1.2)
      cairo (>= 1.10.0)
      glib2 (>= 1.1.2)
    pkg-config (1.1.3)
    rspec (2.8.0)
      rspec-core (~> 2.8.0)
      rspec-expectations (~> 2.8.0)
      rspec-mocks (~> 2.8.0)
    rspec-core (2.8.0)
    rspec-expectations (2.8.0)
      diff-lcs (~> 1.1.2)
    rspec-mocks (2.8.0)
    simplecov (0.5.4)
      multi_json (~> 1.0.3)
      simplecov-html (~> 0.5.3)
    simplecov-html (0.5.3)
    thor (0.14.6)

PLATFORMS
  ruby

DEPENDENCIES
  bundler (>= 1.0)
  game_of_life!
  gtk2 (~> 1.1.2)
  guard (~> 1.0.0)
  guard-rspec (~> 0.6.0)
  rspec (~> 2.8)
  simplecov (~> 0.5.4)
